GEM
  remote: https://rubygems.org/
  specs:
    zeitwerk (2.1.4)

PLATFORMS
  ruby

DEPENDENCIES
  zeitwerk (= 2.1.4)

BUNDLED WITH
   2.0.1
